GEM
  remote: https://rubygems.org/
  specs:
    amq-protocol (2.3.2)
    bunny (2.20.3)
      amq-protocol (~> 2.3, >= 2.3.1)
      sorted_set (~> 1, >= 1.0.2)
    rbtree (0.4.6)
    set (1.0.3)
    sorted_set (1.0.3)
      rbtree
      set (~> 1.0)

PLATFORMS
  x64-mingw-ucrt

DEPENDENCIES
  bunny

BUNDLED WITH
   2.4.6
